GIT
  remote: git://github.com/intridea/omniauth-ldap.git
  revision: 835af1d66e9a95486e2d43c1610e190389f91c91
  specs:
    omniauth-ldap (1.0.2)
      net-ldap (~> 0.2.2)
      omniauth (~> 1.0)
      pyu-ruby-sasl (~> 0.0.3.1)
      rubyntlm (~> 0.1.1)

GIT
  remote: git://github.com/seyhunak/twitter-bootstrap-rails.git
  revision: 0b12f376d4e1718a047638491c941a40199e7005
  specs:
    twitter-bootstrap-rails (2.1.3)
      actionpack (>= 3.1)
      less-rails (~> 2.2.3)
      railties (>= 3.1)
      therubyracer (~> 0.10.2)

GIT
  remote: git://github.com/tevren/LionAdmin.git
  revision: 011800a2aff23ff80f1290f4ffd2a84e1e399d2b
  specs:
    LionAdmin (0.0.7)
      plist

GIT
  remote: git://github.com/tevren/osxwarranty.git
  revision: 210544e6c85d410b931cc5f55351b91541babfdd
  specs:
    osxwarranty (0.0.3)
      httpclient
      nokogiri

GEM
  remote: https://rubygems.org/
  specs:
    actionmailer (3.2.6)
      actionpack (= 3.2.6)
      mail (~> 2.4.4)
    actionpack (3.2.6)
      activemodel (= 3.2.6)
      activesupport (= 3.2.6)
      builder (~> 3.0.0)
      erubis (~> 2.7.0)
      journey (~> 1.0.1)
      rack (~> 1.4.0)
      rack-cache (~> 1.2)
      rack-test (~> 0.6.1)
      sprockets (~> 2.1.3)
    activemodel (3.2.6)
      activesupport (= 3.2.6)
      builder (~> 3.0.0)
    activerecord (3.2.6)
      activemodel (= 3.2.6)
      activesupport (= 3.2.6)
      arel (~> 3.0.2)
      tzinfo (~> 0.3.29)
    activeresource (3.2.6)
      activemodel (= 3.2.6)
      activesupport (= 3.2.6)
    activesupport (3.2.6)
      i18n (~> 0.6)
      multi_json (~> 1.0)
    arel (3.0.2)
    builder (3.0.0)
    cancan (1.6.8)
    chronic (0.6.7)
    coffee-rails (3.2.2)
      coffee-script (>= 2.2.0)
      railties (~> 3.2.0)
    coffee-script (2.2.0)
      coffee-script-source
      execjs
    coffee-script-source (1.3.3)
    commonjs (0.2.6)
    erubis (2.7.0)
    execjs (1.4.0)
      multi_json (~> 1.0)
    hashie (1.2.0)
    hike (1.2.1)
    httpclient (2.2.7)
    i18n (0.6.0)
    journey (1.0.4)
    jquery-rails (2.1.1)
      railties (>= 3.1.0, < 5.0)
      thor (~> 0.14)
    json (1.7.5)
    less (2.2.1)
      commonjs (~> 0.2.6)
    less-rails (2.2.3)
      actionpack (>= 3.1)
      less (~> 2.2.0)
    libv8 (3.3.10.4)
    mail (2.4.4)
      i18n (>= 0.4.0)
      mime-types (~> 1.16)
      treetop (~> 1.4.8)
    mime-types (1.19)
    multi_json (1.3.6)
    net-ldap (0.2.2)
    nokogiri (1.5.5)
    omniauth (1.1.1)
      hashie (~> 1.2)
      rack
    plist (3.1.0)
    polyglot (0.3.3)
    pyu-ruby-sasl (0.0.3.3)
    rack (1.4.1)
    rack-cache (1.2)
      rack (>= 0.4)
    rack-ssl (1.3.2)
      rack
    rack-test (0.6.1)
      rack (>= 1.0)
    rails (3.2.6)
      actionmailer (= 3.2.6)
      actionpack (= 3.2.6)
      activerecord (= 3.2.6)
      activeresource (= 3.2.6)
      activesupport (= 3.2.6)
      bundler (~> 1.0)
      railties (= 3.2.6)
    railties (3.2.6)
      actionpack (= 3.2.6)
      activesupport (= 3.2.6)
      rack-ssl (~> 1.3.2)
      rake (>= 0.8.7)
      rdoc (~> 3.4)
      thor (>= 0.14.6, < 2.0)
    rake (0.9.2.2)
    rdoc (3.12)
      json (~> 1.4)
    rubyntlm (0.1.1)
    sass (3.2.1)
    sass-rails (3.2.5)
      railties (~> 3.2.0)
      sass (>= 3.1.10)
      tilt (~> 1.3)
    sprockets (2.1.3)
      hike (~> 1.2)
      rack (~> 1.0)
      tilt (~> 1.1, != 1.3.0)
    sqlite3 (1.3.6)
    therubyracer (0.10.2)
      libv8 (~> 3.3.10)
    thor (0.16.0)
    tilt (1.3.3)
    time_diff (0.2.2)
      activesupport
      i18n
    treetop (1.4.10)
      polyglot
      polyglot (>= 0.3.1)
    tzinfo (0.3.33)
    uglifier (1.2.7)
      execjs (>= 0.3.0)
      multi_json (~> 1.3)
    whenever (0.7.3)
      activesupport (>= 2.3.4)
      chronic (~> 0.6.3)

PLATFORMS
  ruby

DEPENDENCIES
  LionAdmin!
  cancan
  coffee-rails (~> 3.2.1)
  jquery-rails
  omniauth-ldap!
  osxwarranty!
  plist
  rails (= 3.2.6)
  sass-rails (~> 3.2.3)
  sqlite3
  time_diff
  twitter-bootstrap-rails!
  uglifier (>= 1.0.3)
  whenever
